GEM
  remote: https://rubygems.org/
  specs:
    addressable (2.8.7)
      public_suffix (>= 2.0.2, < 7.0)
    bigdecimal (3.2.2)
    crack (1.0.0)
      bigdecimal
      rexml
    diff-lcs (1.6.2)
    hashdiff (1.2.0)
    nio4r (2.7.4)
    public_suffix (6.0.2)
    puma (6.6.0)
      nio4r (~> 2.0)
    rack (3.1.16)
    rack-test (2.2.0)
      rack (>= 1.3)
    rexml (3.4.1)
    rspec (3.13.1)
      rspec-core (~> 3.13.0)
      rspec-expectations (~> 3.13.0)
      rspec-mocks (~> 3.13.0)
    rspec-core (3.13.5)
      rspec-support (~> 3.13.0)
    rspec-expectations (3.13.5)
      diff-lcs (>= 1.2.0, < 2.0)
      rspec-support (~> 3.13.0)
    rspec-mocks (3.13.5)
      diff-lcs (>= 1.2.0, < 2.0)
      rspec-support (~> 3.13.0)
    rspec-support (3.13.4)
    webmock (3.25.1)
      addressable (>= 2.8.0)
      crack (>= 0.3.2)
      hashdiff (>= 0.4.0, < 2.0.0)

PLATFORMS
  ruby
  x86_64-linux-gnu

DEPENDENCIES
  puma (~> 6.0)
  rack (~> 3.0)
  rack-test (~> 2.1)
  rspec (~> 3.12)
  webmock (~> 3.18)

RUBY VERSION
   ruby 3.2.3p157

BUNDLED WITH
   2.4.22
